GEM
  remote: http://rubygems.org/
  specs:
    adsf (1.1.1)
      rack (>= 1.0.0)
    awesome_print (1.0.2)
    blankslate (2.1.2.4)
    builder (3.0.0)
    coderay (1.0.7)
    colored (1.2)
    cri (2.3.0)
      colored (>= 1.2)
    ffi (1.0.11)
    fssm (0.2.9)
    httparty (0.9.0)
      multi_json (~> 1.0)
      multi_xml
    json (1.7.5)
    kramdown (0.13.8)
    mime-types (1.19)
    multi_json (1.3.6)
    multi_xml (0.5.1)
    nanoc (3.3.7)
      cri (~> 2.2)
    nokogiri (1.4.7)
    pygments.rb (0.2.13)
      rubypython (~> 0.5.3)
    rack (1.4.1)
    rake (0.9.2.2)
    rubypython (0.5.3)
      blankslate (>= 2.1.2.3)
      ffi (~> 1.0.7)
    stringex (1.4.0)
    yajl-ruby (0.8.3)

PLATFORMS
  ruby

DEPENDENCIES
  adsf
  awesome_print
  builder
  coderay
  fssm
  httparty
  json
  kramdown (~> 0.13.2)
  mime-types (~> 1.16)
  nanoc (~> 3.3.7)
  nokogiri (~> 1.4.4)
  pygments.rb
  rake (~> 0.9.2)
  stringex
  yajl-ruby (~> 0.8.2)
